GIT
  remote: git://github.com/rails/dynamic_form.git
  revision: ebb03213ef8268e24c60e5e162b811d199777227
  specs:
    dynamic_form (1.0.0)
      rails (>= 3.0.0)

GEM
  remote: http://rubygems.org/
  specs:
    abstract (1.0.0)
    actionmailer (3.0.18)
      actionpack (= 3.0.18)
      mail (~> 2.2.19)
    actionpack (3.0.18)
      activemodel (= 3.0.18)
      activesupport (= 3.0.18)
      builder (~> 2.1.2)
      erubis (~> 2.6.6)
      i18n (~> 0.5.0)
      rack (~> 1.2.5)
      rack-mount (~> 0.6.14)
      rack-test (~> 0.5.7)
      tzinfo (~> 0.3.23)
    activemodel (3.0.18)
      activesupport (= 3.0.18)
      builder (~> 2.1.2)
      i18n (~> 0.5.0)
    activerecord (3.0.18)
      activemodel (= 3.0.18)
      activesupport (= 3.0.18)
      arel (~> 2.0.10)
      tzinfo (~> 0.3.23)
    activeresource (3.0.18)
      activemodel (= 3.0.18)
      activesupport (= 3.0.18)
    activesupport (3.0.18)
    addressable (2.3.2)
    arel (2.0.10)
    automatic_foreign_key (1.3.0)
      activerecord (>= 2)
      redhillonrails_core (>= 1.2.0)
    bcrypt-ruby (3.0.1)
    builder (2.1.2)
    capistrano (2.13.5)
      highline
      net-scp (>= 1.0.0)
      net-sftp (>= 2.0.0)
      net-ssh (>= 2.0.14)
      net-ssh-gateway (>= 1.1.0)
    capistrano-ext (1.2.1)
      capistrano (>= 1.0.0)
    capybara (2.0.2)
      mime-types (>= 1.16)
      nokogiri (>= 1.3.3)
      rack (>= 1.0.0)
      rack-test (>= 0.5.4)
      selenium-webdriver (~> 2.0)
      xpath (~> 1.0.0)
    childprocess (0.3.6)
      ffi (~> 1.0, >= 1.0.6)
    columnize (0.3.6)
    csv_builder (2.1.1)
      actionpack (>= 3.0.0)
    debugger (1.2.3)
      columnize (>= 0.3.1)
      debugger-linecache (~> 1.1.1)
      debugger-ruby_core_source (~> 1.1.5)
    debugger-linecache (1.1.2)
      debugger-ruby_core_source (>= 1.1.1)
    debugger-ruby_core_source (1.1.6)
    devise (1.4.9)
      bcrypt-ruby (~> 3.0)
      orm_adapter (~> 0.0.3)
      warden (~> 1.0.3)
    diff-lcs (1.1.3)
    erubis (2.6.6)
      abstract (>= 1.0.0)
    eventmachine (1.0.0)
    exception_notification (3.0.0)
      actionmailer (>= 3.0.4)
      tinder (~> 1.8)
    faker (1.1.2)
      i18n (~> 0.5)
    faraday (0.8.4)
      multipart-post (~> 1.1)
    faraday_middleware (0.9.0)
      faraday (>= 0.7.4, < 0.9)
    ffi (1.2.0)
    fixjour (0.5.3)
      activerecord
    hashie (1.2.0)
    highline (1.6.15)
    http_parser.rb (0.5.3)
    i18n (0.5.0)
    jquery-rails (1.0.19)
      railties (~> 3.0)
      thor (~> 0.14)
    json (1.7.6)
    libwebsocket (0.1.7.1)
      addressable
      websocket
    mail (2.2.19)
      activesupport (>= 2.3.6)
      i18n (>= 0.4.0)
      mime-types (~> 1.16)
      treetop (~> 1.4.8)
    mime-types (1.19)
    multi_json (1.5.0)
    multipart-post (1.1.5)
    net-scp (1.0.4)
      net-ssh (>= 1.99.1)
    net-sftp (2.0.5)
      net-ssh (>= 2.0.9)
    net-ssh (2.6.2)
    net-ssh-gateway (1.1.0)
      net-ssh (>= 1.99.1)
    nokogiri (1.5.6)
    orm_adapter (0.0.7)
    pg (0.14.1)
    polyglot (0.3.3)
    rack (1.2.5)
    rack-mount (0.6.14)
      rack (>= 1.0.0)
    rack-test (0.5.7)
      rack (>= 1.0)
    rails (3.0.18)
      actionmailer (= 3.0.18)
      actionpack (= 3.0.18)
      activerecord (= 3.0.18)
      activeresource (= 3.0.18)
      activesupport (= 3.0.18)
      bundler (~> 1.0)
      railties (= 3.0.18)
    railties (3.0.18)
      actionpack (= 3.0.18)
      activesupport (= 3.0.18)
      rake (>= 0.8.7)
      rdoc (~> 3.4)
      thor (~> 0.14.4)
    rake (10.0.3)
    rdoc (3.12)
      json (~> 1.4)
    redhillonrails_core (1.2.0)
      activerecord (>= 2)
    rspec (2.7.0)
      rspec-core (~> 2.7.0)
      rspec-expectations (~> 2.7.0)
      rspec-mocks (~> 2.7.0)
    rspec-core (2.7.1)
    rspec-expectations (2.7.0)
      diff-lcs (~> 1.1.2)
    rspec-mocks (2.7.0)
    rspec-rails (2.7.0)
      actionpack (~> 3.0)
      activesupport (~> 3.0)
      railties (~> 3.0)
      rspec (~> 2.7.0)
    rubyzip (0.9.9)
    rvm-capistrano (1.2.7)
      capistrano (>= 2.0.0)
    selenium-webdriver (2.27.2)
      childprocess (>= 0.2.5)
      libwebsocket (~> 0.1.3)
      multi_json (~> 1.0)
      rubyzip
    simple_oauth (0.1.9)
    sqlite3 (1.3.6)
    sqlite3-ruby (1.3.3)
      sqlite3 (>= 1.3.3)
    thor (0.14.6)
    timeliness (0.3.7)
    tinder (1.9.1)
      eventmachine (>= 0.12.0, < 2)
      faraday (~> 0.8)
      faraday_middleware (~> 0.8)
      hashie (~> 1.0)
      json (~> 1.6)
      mime-types (~> 1.16)
      multi_json (~> 1.0)
      multipart-post (~> 1.1)
      twitter-stream (~> 0.1)
    treetop (1.4.12)
      polyglot
      polyglot (>= 0.3.1)
    twitter-stream (0.1.16)
      eventmachine (>= 0.12.8)
      http_parser.rb (~> 0.5.1)
      simple_oauth (~> 0.1.4)
    tzinfo (0.3.35)
    userstamp (2.0.1)
    validates_timeliness (3.0.14)
      timeliness (~> 0.3.6)
    warden (1.0.6)
      rack (>= 1.0)
    websocket (1.0.6)
    will_paginate (3.0.3)
    xpath (1.0.0)
      nokogiri (~> 1.3)

PLATFORMS
  ruby

DEPENDENCIES
  automatic_foreign_key
  capistrano
  capistrano-ext
  capybara
  csv_builder (~> 2.1.0)
  debugger
  devise (~> 1.4.9)
  dynamic_form!
  exception_notification (~> 3.0)
  faker
  fixjour
  jquery-rails (~> 1.0.12)
  pg
  rails (~> 3.0.10)
  rspec-rails (~> 2.7.0)
  rvm-capistrano
  sqlite3-ruby
  userstamp (~> 2.0.1)
  validates_timeliness (~> 3.0.7)
  will_paginate (~> 3.0.2)
